GEM
  remote: https://rubygems.org/
  specs:
    kramdown (2.1.0)
    yard (0.9.20)

PLATFORMS
  java

DEPENDENCIES
  kramdown
  yard (>= 0.9.20)

BUNDLED WITH
   2.1.4
